GEM
  remote: https://rubygems.org/
  remote: https://gem.fury.io/philosophiegroup/
  specs:
    activesupport (5.1.4)
      concurrent-ruby (~> 1.0, >= 1.0.2)
      i18n (~> 0.7)
      minitest (~> 5.1)
      tzinfo (~> 1.1)
    addressable (2.4.0)
    concurrent-ruby (1.0.5)
    faraday (0.9.2)
      multipart-post (>= 1.2, < 3)
    git_clone_url (2.0.0)
      uri-ssh_git (>= 2.0)
    hashie (3.5.7)
    httparty (0.15.6)
      multi_xml (>= 0.5.2)
    i18n (0.9.1)
      concurrent-ruby (~> 1.0)
    jwt (1.5.6)
    minitest (5.10.3)
    multi_json (1.12.2)
    multi_xml (0.6.0)
    multipart-post (2.0.0)
    oauth2 (1.4.0)
      faraday (>= 0.8, < 0.13)
      jwt (~> 1.0)
      multi_json (~> 1.3)
      multi_xml (~> 0.5)
      rack (>= 1.2, < 3)
    octokit (4.3.0)
      sawyer (~> 0.7.0, >= 0.5.3)
    omniauth (1.7.1)
      hashie (>= 3.4.6, < 3.6.0)
      rack (>= 1.6.2, < 3)
    omniauth-oauth2 (1.3.1)
      oauth2 (~> 1.0)
      omniauth (~> 1.2)
    philosophie-toolkit (0.7.0)
      hashie (~> 3.0)
      httparty (~> 0.15.0)
      roster (~> 2.0)
      roster-utils (~> 0.1.0)
    rack (2.0.3)
    rack-accept (0.4.5)
      rack (>= 0.4)
    request_store (1.3.2)
    roster (2.9.2)
      activesupport (>= 4.2)
      hashie (~> 3.4, >= 3.4.3)
      omniauth (~> 1.6, >= 1.6.1)
      omniauth-oauth2 (> 1.1.0, <= 1.3.1)
      rack-accept (~> 0.4.5)
      warden (~> 1.2, >= 1.2.1)
    roster-utils (0.1.1)
      request_store (~> 1.3)
      roster (~> 2.1)
    sawyer (0.7.0)
      addressable (>= 2.3.5, < 2.5)
      faraday (~> 0.8, < 0.10)
    thread_safe (0.3.6)
    tzinfo (1.2.4)
      thread_safe (~> 0.1)
    uri-ssh_git (2.0.0)
    warden (1.2.7)
      rack (>= 1.0)

PLATFORMS
  ruby

DEPENDENCIES
  git_clone_url (~> 2.0)
  octokit (~> 4.3)
  philosophie-toolkit (~> 0.7.0)!
  roster!

BUNDLED WITH
   1.16.0
